GEM
  remote: https://rubygems.org/
  specs:
    coderay (1.1.3)
    csv (3.3.5)
    method_source (1.1.0)
    mini_portile2 (2.8.9)
    nkf (0.2.0)
    nokogiri (1.18.9)
      mini_portile2 (~> 2.8.2)
      racc (~> 1.4)
    pry (0.15.2)
      coderay (~> 1.1)
      method_source (~> 1.0)
    racc (1.8.1)
    rake (13.3.0)
    rubyzip (2.4.1)
    sqlite3 (2.6.0)
      mini_portile2 (~> 2.8.0)

PLATFORMS
  ruby

DEPENDENCIES
  csv
  nkf
  nokogiri
  pry
  rake
  rubyzip
  sqlite3

BUNDLED WITH
   2.7.1
